PATH
  remote: ../../../../languages/ruby
  specs:
    oso-oso (0.21.0)
      ffi (~> 1.0)

GEM
  remote: https://rubygems.org/
  specs:
    diff-lcs (1.4.4)
    ffi (1.15.4)
    rspec (3.10.0)
      rspec-core (~> 3.10.0)
      rspec-expectations (~> 3.10.0)
      rspec-mocks (~> 3.10.0)
    rspec-core (3.10.1)
      rspec-support (~> 3.10.0)
    rspec-expectations (3.10.1)
      diff-lcs (>= 1.2.0, < 2.0)
      rspec-support (~> 3.10.0)
    rspec-mocks (3.10.2)
      diff-lcs (>= 1.2.0, < 2.0)
      rspec-support (~> 3.10.0)
    rspec-support (3.10.2)

PLATFORMS
  x86_64-darwin-19

DEPENDENCIES
  oso-oso!
  rspec (~> 3.10)

BUNDLED WITH
   2.2.22
